FRAMEWORK: >= NET451
NUGET
  remote: https://www.nuget.org/api/v2
  specs:
    FSharp.Core (3.1.2.1)
    FsPickler (1.0.7)
    Npgsql (2.2.5)
    SQLProvider (0.0.9-alpha)
    Suave (0.28.1)
      FSharp.Core (>= 3.1.2.1)
      FsPickler (>= 1.0.7)
    Suave.Experimental (0.28.1)
      FSharp.Core (>= 3.1.2.1)
      Suave (>= 0.28.1)
